GIT
  remote: git://github.com/lotus/controller.git
  revision: 8d3955760448c2b225a3189426c0d3eb274a6e04
  specs:
    lotus-controller (0.1.0)
      lotus-utils (~> 0.1)
      rack (~> 1.5)

GIT
  remote: git://github.com/lotus/model.git
  revision: 3fa269345c13dd30dc8d9d5174aab5d857567805
  specs:
    lotus-model (0.1.0)
      lotus-utils (~> 0.1, > 0.1.0)
      sequel (~> 4.9)

GIT
  remote: git://github.com/lotus/utils.git
  revision: a2a19e9a610c1060d010369a5f5adeb3b1e10e0a
  specs:
    lotus-utils (0.1.1)

GIT
  remote: git://github.com/lotus/view.git
  revision: d4d407b7beec316776bc1abdc5f6fed9e9dcdf3b
  specs:
    lotus-view (0.1.0)
      lotus-utils (~> 0.1)
      tilt (~> 2.0, >= 2.0.1)

GEM
  remote: https://rubygems.org/
  specs:
    activemodel (4.1.1)
      activesupport (= 4.1.1)
      builder (~> 3.1)
    activesupport (4.1.1)
      i18n (~> 0.6, >= 0.6.9)
      json (~> 1.7, >= 1.7.7)
      minitest (~> 5.1)
      thread_safe (~> 0.1)
      tzinfo (~> 1.1)
    bcrypt (3.1.7)
    bcrypt-ruby (3.1.5)
      bcrypt (>= 3.1.3)
    builder (3.2.2)
    capybara (2.2.1)
      mime-types (>= 1.16)
      nokogiri (>= 1.3.3)
      rack (>= 1.0.0)
      rack-test (>= 0.5.4)
      xpath (~> 2.0)
    celluloid (0.15.2)
      timers (~> 1.1.0)
    coderay (1.1.0)
    diff-lcs (1.2.5)
    disposable (0.0.3)
      representable (~> 1.8.1)
      uber
    dotenv (0.11.1)
      dotenv-deployment (~> 0.0.2)
    dotenv-deployment (0.0.2)
    ffi (1.9.3)
    formatador (0.2.4)
    guard (2.6.1)
      formatador (>= 0.2.4)
      listen (~> 2.7)
      lumberjack (~> 1.0)
      pry (>= 0.9.12)
      thor (>= 0.18.1)
    guard-rspec (4.2.9)
      guard (~> 2.1)
      rspec (>= 2.14, < 4.0)
    http_router (0.11.1)
      rack (>= 1.0.0)
      url_mount (~> 0.2.1)
    i18n (0.6.9)
    json (1.8.1)
    listen (2.7.5)
      celluloid (>= 0.15.2)
      rb-fsevent (>= 0.9.3)
      rb-inotify (>= 0.9)
    lotus-router (0.1.0)
      http_router (~> 0)
      lotus-utils (~> 0)
    lumberjack (1.0.5)
    method_source (0.8.2)
    mime-types (2.2)
    mini_portile (0.6.0)
    minitest (5.3.4)
    multi_json (1.10.0)
    nokogiri (1.6.2.1)
      mini_portile (= 0.6.0)
    pg (0.17.1)
    pry (0.9.12.6)
      coderay (~> 1.0)
      method_source (~> 0.8)
      slop (~> 3.4)
    rack (1.5.2)
    rack-test (0.6.2)
      rack (>= 1.0)
    rake (10.3.2)
    rb-fsevent (0.9.4)
    rb-inotify (0.9.4)
      ffi (>= 0.5.0)
    reform (1.0.0)
      activemodel
      disposable (~> 0.0.3)
      representable (~> 1.8.1)
      uber (~> 0.0.4)
    representable (1.8.2)
      multi_json
      nokogiri
      uber
    rspec (2.14.1)
      rspec-core (~> 2.14.0)
      rspec-expectations (~> 2.14.0)
      rspec-mocks (~> 2.14.0)
    rspec-core (2.14.8)
    rspec-expectations (2.14.5)
      diff-lcs (>= 1.1.3, < 2.0)
    rspec-mocks (2.14.6)
    sequel (4.10.0)
    shotgun (0.9)
      rack (>= 1.0)
    slop (3.5.0)
    thor (0.19.1)
    thread_safe (0.3.3)
    tilt (2.0.1)
    timers (1.1.0)
    tzinfo (1.1.0)
      thread_safe (~> 0.1)
    uber (0.0.6)
    url_mount (0.2.1)
      rack
    xpath (2.0.0)
      nokogiri (~> 1.3)

PLATFORMS
  ruby

DEPENDENCIES
  bcrypt-ruby
  capybara
  dotenv
  guard
  guard-rspec
  lotus-controller!
  lotus-model!
  lotus-router
  lotus-utils!
  lotus-view!
  pg
  pry
  rake
  reform
  rspec
  shotgun
